GEM
  remote: https://rubygems.org/
  specs:
    childprocess (0.5.9)
      ffi (~> 1.0, >= 1.0.11)
    facets (3.1.0)
    ffi (1.9.10)
    json (1.8.3)
    phantomjs (2.1.1.0)
    psych (2.0.17)
    rubyzip (1.2.0)
    selenium-webdriver (2.53.3)
      childprocess (~> 0.5)
      rubyzip (~> 1.0)
      websocket (~> 1.0)
    watir-webdriver (0.9.1)
      selenium-webdriver (>= 2.46.2)
    webdriver-user-agent (7.4)
      facets
      json
      psych
      selenium-webdriver
    websocket (1.2.3)

PLATFORMS
  ruby

DEPENDENCIES
  phantomjs (~> 2.1.1.0)
  watir-webdriver (~> 0.9.1)
  webdriver-user-agent

BUNDLED WITH
   1.11.2
